GEM
  remote: https://rubygems.org/
  specs:
    minitest (5.12.2)
    rake (13.0.0)

PLATFORMS
  ruby

DEPENDENCIES
  minitest (~> 5.12)
  rake (~> 13.0)

BUNDLED WITH
   2.0.2
